PATH
  remote: .
  specs:
    rcore-ext (0.1.0)
      base32

GEM
  remote: https://rubygems.org/
  specs:
    base32 (0.2.0)
    diff-lcs (1.2.1)
    rake (10.0.3)
    rspec (2.13.0)
      rspec-core (~> 2.13.0)
      rspec-expectations (~> 2.13.0)
      rspec-mocks (~> 2.13.0)
    rspec-core (2.13.0)
    rspec-expectations (2.13.0)
      diff-lcs (>= 1.1.3, < 2.0)
    rspec-mocks (2.13.0)

PLATFORMS
  x86-mingw32

DEPENDENCIES
  rake
  rcore-ext!
  rspec
